GIT
  remote: https://github.com/SciRuby/daru-view.git
  revision: 3c4e3de88dc214c47be207c1844fd80bcb3aba00
  specs:
    daru-view (0.2.6)
      actionview
      daru
      daru-data_tables
      google_visualr
      lazy_high_charts
      nyaplot
      thor

GIT
  remote: https://github.com/SciRuby/nyaplot.git
  revision: 662ebc60b0d1e9fbebe7e06530d8450d266ebbdd
  specs:
    nyaplot (0.1.6)

GIT
  remote: https://github.com/geeknees/rb_prob.git
  revision: 7139c9f10838c54afbe83e3d907effb5509a5106
  specs:
    rb_prob (0.0.3)

GIT
  remote: https://github.com/q9f/eth.rb.git
  revision: 6f19a287c22e9d65e55010844fb4e33dc9584b4f
  specs:
    eth (0.5.11)
      forwardable (~> 1.3)
      keccak (~> 1.3)
      konstructor (~> 1.0)
      openssl (>= 2.2, < 4.0)
      rbsecp256k1 (~> 6.0)
      scrypt (~> 3.0)

GEM
  remote: https://rubygems.org/
  specs:
    actionview (7.0.6)
      activesupport (= 7.0.6)
      builder (~> 3.1)
      erubi (~> 1.4)
      rails-dom-testing (~> 2.0)
      rails-html-sanitizer (~> 1.1, >= 1.2.0)
    activemodel (7.0.6)
      activesupport (= 7.0.6)
    activerecord (7.0.6)
      activemodel (= 7.0.6)
      activesupport (= 7.0.6)
    activesupport (7.0.6)
      concurrent-ruby (~> 1.0, >= 1.0.2)
      i18n (>= 1.6, < 2)
      minitest (>= 5.1)
      tzinfo (~> 2.0)
    addressable (2.8.4)
      public_suffix (>= 2.0.2, < 6.0)
    ast (2.4.2)
    baran (0.1.7)
    boxcars (0.3.5)
      google_search_results (~> 2.2)
      gpt4all (~> 0.0.4)
      hnswlib (~> 0.8)
      nokogiri (~> 1.15)
      pgvector (~> 0.2)
      ruby-openai (~> 4.1)
    builder (3.2.4)
    colorize (0.8.1)
    concurrent-ruby (1.2.2)
    crass (1.0.6)
    daru (0.3)
      packable (~> 1.3.13)
    daru-data_tables (0.3.5)
      daru
    data_uri (0.1.0)
    erubi (1.12.0)
    faraday (2.7.10)
      faraday-net_http (>= 2.0, < 3.1)
      ruby2_keywords (>= 0.0.4)
    faraday-multipart (1.0.4)
      multipart-post (~> 2)
    faraday-net_http (3.0.2)
    ffi (1.15.5)
    ffi-compiler (1.0.1)
      ffi (>= 1.0.0)
      rake
    ffi-rzmq (2.0.7)
      ffi-rzmq-core (>= 1.0.7)
    ffi-rzmq-core (1.0.7)
      ffi
    forwardable (1.3.3)
    google_search_results (2.2.0)
    google_visualr (2.5.1)
    gpt4all (0.0.5)
      faraday (~> 2.7)
      os (~> 1.1)
      tty-progressbar (~> 0.18.2)
    hash-deep-merge (0.1.1)
    hnswlib (0.8.1)
    i18n (1.14.1)
      concurrent-ruby (~> 1.0)
    io-console (0.6.0)
    irb (1.7.4)
      reline (>= 0.3.6)
    iruby (0.7.4)
      data_uri (~> 0.1)
      ffi-rzmq
      irb
      mime-types (>= 3.3.1)
      multi_json (~> 1.11)
      native-package-installer
    json (2.6.3)
    json-schema (4.0.0)
      addressable (>= 2.8)
    keccak (1.3.1)
    konstructor (1.0.2)
    langchainrb (0.6.6)
      baran (~> 0.1.6)
      colorize (~> 0.8.1)
      json-schema (~> 4.0.0)
      tiktoken_ruby (~> 0.0.5)
    language_server-protocol (3.17.0.3)
    lazy_high_charts (1.6.1)
      hash-deep-merge
    loofah (2.21.3)
      crass (~> 1.0.2)
      nokogiri (>= 1.12.0)
    matrix (0.4.2)
    mime-types (3.4.1)
      mime-types-data (~> 3.2015)
    mime-types-data (3.2023.0218.1)
    mini_portile2 (2.8.2)
    minitest (5.18.1)
    multi_json (1.15.0)
    multipart-post (2.3.0)
    native-package-installer (1.1.8)
    nokogiri (1.15.3-arm64-darwin)
      racc (~> 1.4)
    openssl (3.1.0)
    os (1.1.4)
    packable (1.3.18)
    parallel (1.23.0)
    parser (3.2.2.3)
      ast (~> 2.4.1)
      racc
    pg (1.5.3)
    pgvector (0.2.1)
    pkg-config (1.5.2)
    public_suffix (5.0.3)
    racc (1.7.1)
    rails-dom-testing (2.1.1)
      activesupport (>= 5.0.0)
      minitest
      nokogiri (>= 1.6)
    rails-html-sanitizer (1.6.0)
      loofah (~> 2.21)
      nokogiri (~> 1.14)
    rainbow (3.1.1)
    rake (13.0.6)
    rbsecp256k1 (6.0.0)
      mini_portile2 (~> 2.8)
      pkg-config (~> 1.5)
      rubyzip (~> 2.3)
    regexp_parser (2.8.1)
    reline (0.3.6)
      io-console (~> 0.5)
    rexml (3.2.5)
    rubocop (1.54.2)
      json (~> 2.3)
      language_server-protocol (>= 3.17.0)
      parallel (~> 1.10)
      parser (>= 3.2.2.3)
      rainbow (>= 2.2.2, < 4.0)
      regexp_parser (>= 1.8, < 3.0)
      rexml (>= 3.2.5, < 4.0)
      rubocop-ast (>= 1.28.0, < 2.0)
      ruby-progressbar (~> 1.7)
      unicode-display_width (>= 2.4.0, < 3.0)
    rubocop-ast (1.29.0)
      parser (>= 3.2.1.0)
    ruby-openai (4.2.0)
      faraday (>= 1)
      faraday-multipart (>= 1)
    ruby-progressbar (1.13.0)
    ruby2_keywords (0.0.5)
    rubyzip (2.3.2)
    scrypt (3.0.7)
      ffi-compiler (>= 1.0, < 2.0)
    strings-ansi (0.2.0)
    thor (1.2.2)
    tiktoken_ruby (0.0.5-arm64-darwin)
    tty-cursor (0.7.1)
    tty-progressbar (0.18.2)
      strings-ansi (~> 0.2)
      tty-cursor (~> 0.7)
      tty-screen (~> 0.8)
      unicode-display_width (>= 1.6, < 3.0)
    tty-screen (0.8.1)
    tzinfo (2.0.6)
      concurrent-ruby (~> 1.0)
    unicode-display_width (2.4.2)

PLATFORMS
  arm64-darwin-22

DEPENDENCIES
  activerecord
  activesupport
  boxcars
  daru
  daru-view!
  eth!
  iruby
  langchainrb
  matrix
  nyaplot!
  pg
  rb_prob!
  rubocop
  ruby-openai

BUNDLED WITH
   2.4.14
